GEM
  remote: https://rubygems.org/
  specs:
    awesome_print (1.2.0)
    logstash-event (1.2.02)
    logstash-logger (0.7.0)
      logstash-event (~> 1.2)
      stud
    puma (2.10.2)
      rack (>= 1.1, < 2.0)
    rack (1.5.2)
    rack-proxy (0.5.17)
      rack
    rack-test (0.6.2)
      rack (>= 1.0)
    redis (3.1.0)
    require_all (1.3.2)
    stud (0.0.18)

PLATFORMS
  ruby

DEPENDENCIES
  awesome_print
  logstash-logger
  puma
  rack
  rack-proxy
  rack-test
  redis
  require_all
