GEM
  remote: https://rubygems.org/
  specs:
    awesome_print (1.2.0)
    childprocess (0.5.5)
      ffi (~> 1.0, >= 1.0.11)
    diff-lcs (1.2.5)
    ffi (1.9.6)
    httpclient (2.6.0.1)
    logstash-event (1.2.02)
    logstash-logger (0.7.0)
      logstash-event (~> 1.2)
      stud
    multi_json (1.10.1)
    netrc (0.7.9)
    puma (2.10.2)
      rack (>= 1.1, < 2.0)
    rack (1.5.2)
    rack-proxy (0.5.17)
      rack
    rack-test (0.6.2)
      rack (>= 1.0)
    redis (3.1.0)
    require_all (1.3.2)
    rest_client (1.8.2)
      netrc (~> 0.7.7)
    rspec (3.1.0)
      rspec-core (~> 3.1.0)
      rspec-expectations (~> 3.1.0)
      rspec-mocks (~> 3.1.0)
    rspec-core (3.1.7)
      rspec-support (~> 3.1.0)
    rspec-expectations (3.1.2)
      diff-lcs (>= 1.2.0, < 2.0)
      rspec-support (~> 3.1.0)
    rspec-mocks (3.1.3)
      rspec-support (~> 3.1.0)
    rspec-support (3.1.2)
    rubyzip (1.1.6)
    selenium-webdriver (2.44.0)
      childprocess (~> 0.5)
      multi_json (~> 1.0)
      rubyzip (~> 1.0)
      websocket (~> 1.0)
    stud (0.0.18)
    websocket (1.2.1)

PLATFORMS
  ruby

DEPENDENCIES
  awesome_print
  httpclient
  logstash-logger
  puma
  rack
  rack-proxy
  rack-test
  redis
  require_all
  rest_client
  rspec
  selenium-webdriver
